PATH
  remote: .
  specs:
    yavdb (0.5.0)
      execjs (~> 2.7.0)
      json (~> 2.1)
      kramdown (~> 1.17)
      oga (~> 2.15)
      semantic_interval (~> 0.1)
      therubyracer (~> 0.12)
      thor (~> 0.20)
      toml-rb (~> 1.1)

GEM
  remote: https://rubygems.org/
  specs:
    ansi (1.5.0)
    ast (2.4.0)
    citrus (3.0.2)
    codacy-coverage (2.1.0)
      simplecov
    diff-lcs (1.3)
    docile (1.3.1)
    execjs (2.7.0)
    jaro_winkler (1.5.2)
    json (2.1.0)
    kramdown (1.17.0)
    libv8 (3.16.14.19)
    oga (2.15)
      ast
      ruby-ll (~> 2.1)
    parallel (1.13.0)
    parser (2.6.0.0)
      ast (~> 2.4.0)
    powerpack (0.1.2)
    rainbow (3.0.0)
    rake (12.3.2)
    ref (2.0.0)
    rspec (3.8.0)
      rspec-core (~> 3.8.0)
      rspec-expectations (~> 3.8.0)
      rspec-mocks (~> 3.8.0)
    rspec-core (3.8.0)
      rspec-support (~> 3.8.0)
    rspec-expectations (3.8.2)
      diff-lcs (>= 1.2.0, < 2.0)
      rspec-support (~> 3.8.0)
    rspec-mocks (3.8.0)
      diff-lcs (>= 1.2.0, < 2.0)
      rspec-support (~> 3.8.0)
    rspec-support (3.8.0)
    rspec_junit_formatter (0.4.1)
      rspec-core (>= 2, < 4, != 2.12.0)
    rubocop (0.64.0)
      jaro_winkler (~> 1.5.1)
      parallel (~> 1.10)
      parser (>= 2.5, != 2.5.1.1)
      powerpack (~> 0.1)
      rainbow (>= 2.2.2, < 4.0)
      ruby-progressbar (~> 1.7)
      unicode-display_width (~> 1.4.0)
    rubocop-rspec (1.32.0)
      rubocop (>= 0.60.0)
    ruby-ll (2.1.2)
      ansi
      ast
    ruby-progressbar (1.10.0)
    semantic_interval (0.1.0)
    simplecov (0.16.1)
      docile (~> 1.1)
      json (>= 1.8, < 3)
      simplecov-html (~> 0.10.0)
    simplecov-html (0.10.2)
    therubyracer (0.12.3)
      libv8 (~> 3.16.14.15)
      ref
    thor (0.20.3)
    toml-rb (1.1.2)
      citrus (~> 3.0, > 3.0)
    unicode-display_width (1.4.1)

PLATFORMS
  ruby

DEPENDENCIES
  codacy-coverage
  rake (~> 12.3)
  rspec (~> 3.8)
  rspec_junit_formatter (~> 0.4)
  rubocop (~> 0.59)
  rubocop-rspec (~> 1.29)
  simplecov
  yavdb!

BUNDLED WITH
   1.17.3
